GEM
  remote: https://rubygems.org/
  specs:
    archive-zip (0.11.0)
      io-like (~> 0.3.0)
    backports (3.11.4)
    builder (3.2.3)
    childprocess (0.9.0)
      ffi (~> 1.0, >= 1.0.11)
    connection_pool (2.2.2)
    cucumber (3.1.2)
      builder (>= 2.1.2)
      cucumber-core (~> 3.2.0)
      cucumber-expressions (~> 6.0.1)
      cucumber-wire (~> 0.0.1)
      diff-lcs (~> 1.3)
      gherkin (~> 5.1.0)
      multi_json (>= 1.7.5, < 2.0)
      multi_test (>= 0.1.2)
    cucumber-core (3.2.1)
      backports (>= 3.8.0)
      cucumber-tag_expressions (~> 1.1.0)
      gherkin (~> 5.0)
    cucumber-expressions (6.0.1)
    cucumber-tag_expressions (1.1.1)
    cucumber-wire (0.0.1)
    data_magic (1.2)
      faker (>= 1.1.2)
      yml_reader (>= 0.6)
    diff-lcs (1.3)
    facets (3.1.0)
    faker (1.9.1)
      i18n (>= 0.7)
    ffi (1.10.0)
    fig_newton (1.0)
      yml_reader (>= 0.7)
    geckodriver-helper (0.23.0)
      archive-zip (~> 0.7)
    gherkin (5.1.0)
    i18n (0.8.6)
    io-like (0.3.0)
    json (2.1.0)
    multi_json (1.13.1)
    multi_test (0.1.2)
    net-http-persistent (3.0.0)
      connection_pool (~> 2.2)
    os (1.0.0)
    page-object (2.1.1)
      net-http-persistent (~> 3.0)
      page_navigation (>= 0.9)
      selenium-webdriver (~> 3.0)
      watir (~> 6.0)
    page_navigation (0.10)
      data_magic (>= 0.22)
    psych (3.1.0)
    rake (12.3.2)
    rspec (3.8.0)
      rspec-core (~> 3.8.0)
      rspec-expectations (~> 3.8.0)
      rspec-mocks (~> 3.8.0)
    rspec-core (3.8.0)
      rspec-support (~> 3.8.0)
    rspec-expectations (3.8.2)
      diff-lcs (>= 1.2.0, < 2.0)
      rspec-support (~> 3.8.0)
    rspec-mocks (3.8.0)
      diff-lcs (>= 1.2.0, < 2.0)
      rspec-support (~> 3.8.0)
    rspec-support (3.8.0)
    rubyzip (1.2.2)
    selenium-webdriver (3.141.0)
      childprocess (~> 0.5)
      rubyzip (~> 1.2, >= 1.2.2)
    watir (6.2.1)
      selenium-webdriver (~> 3.0)
    webdriver-user-agent (7.5)
      facets
      json
      os
      psych
      selenium-webdriver (>= 3.4.0)
    yml_reader (0.7)

PLATFORMS
  ruby

DEPENDENCIES
  cucumber
  data_magic
  fig_newton
  geckodriver-helper
  os
  page-object (~> 2.0)
  rake
  rspec
  webdriver-user-agent
